GIT
  remote: git://github.com/mojombo/jekyll.git
  revision: fa8400ab61cb8df176f9fb2ec52d85f93c7418a7
  specs:
    jekyll (0.11.2)
      classifier (~> 1.3)
      directory_watcher (~> 1.1)
      kramdown (~> 0.13.4)
      liquid (~> 2.3)
      maruku (~> 0.5)
      pygments.rb (~> 0.2.12)

GEM
  remote: http://rubygems.org/
  specs:
    addressable (2.3.2)
    blankslate (3.1.2)
    classifier (1.3.3)
      fast-stemmer (>= 1.0.0)
    coffee-script (2.2.0)
      coffee-script-source
      execjs
    coffee-script-source (1.4.0)
    directory_watcher (1.4.1)
    excon (0.16.7)
    execjs (1.4.0)
      multi_json (~> 1.0)
    fast-stemmer (1.0.1)
    ffi (1.0.11)
    heroku (2.33.0)
      heroku-api (~> 0.3.5)
      launchy (>= 0.3.2)
      netrc (~> 0.7.7)
      rest-client (~> 1.6.1)
      rubyzip
    heroku-api (0.3.5)
      excon (~> 0.16.1)
    kramdown (0.13.8)
    launchy (2.1.2)
      addressable (~> 2.3)
    liquid (2.4.1)
    maruku (0.6.1)
      syntax (>= 1.0.0)
    mime-types (1.19)
    multi_json (1.3.7)
    netrc (0.7.7)
    puma (1.6.3)
      rack (~> 1.2)
    pygments.rb (0.2.13)
      rubypython (~> 0.5.3)
    rack (1.4.1)
    rack-contrib (1.1.0)
      rack (>= 0.9.1)
    rack-rewrite (1.3.1)
    rake (0.9.2.2)
    rb-fsevent (0.9.2)
    rest-client (1.6.7)
      mime-types (>= 1.16)
    ruby-oembed (0.8.7)
    rubypython (0.5.3)
      blankslate (>= 2.1.2.3)
      ffi (~> 1.0.7)
    rubyzip (0.9.9)
    sass (3.2.2)
    syntax (1.0.0)

PLATFORMS
  ruby

DEPENDENCIES
  coffee-script
  heroku
  jekyll!
  kramdown
  liquid
  puma
  rack
  rack-contrib
  rack-rewrite
  rake
  rb-fsevent
  ruby-oembed
  sass
