GIT
  remote: git://github.com/mojombo/jekyll.git
  revision: fa8400ab61cb8df176f9fb2ec52d85f93c7418a7
  specs:
    jekyll (0.11.2)
      classifier (~> 1.3)
      directory_watcher (~> 1.1)
      kramdown (~> 0.13.4)
      liquid (~> 2.3)
      maruku (~> 0.5)
      pygments.rb (~> 0.2.12)

GEM
  remote: http://rubygems.org/
  specs:
    blankslate (3.1.2)
    classifier (1.3.3)
      fast-stemmer (>= 1.0.0)
    coffee-script (2.2.0)
      coffee-script-source
      execjs
    coffee-script-source (1.4.0)
    directory_watcher (1.4.1)
    execjs (1.4.0)
      multi_json (~> 1.0)
    fast-stemmer (1.0.1)
    ffi (1.0.11)
    kramdown (0.13.8)
    liquid (2.4.1)
    maruku (0.6.1)
      syntax (>= 1.0.0)
    multi_json (1.3.7)
    puma (1.6.3)
      rack (~> 1.2)
    pygments.rb (0.2.13)
      rubypython (~> 0.5.3)
    rack (1.4.1)
    rack-contrib (1.1.0)
      rack (>= 0.9.1)
    rack-rewrite (1.3.1)
    ruby-oembed (0.8.7)
    rubypython (0.5.3)
      blankslate (>= 2.1.2.3)
      ffi (~> 1.0.7)
    sass (3.2.2)
    syntax (1.0.0)

PLATFORMS
  ruby

DEPENDENCIES
  coffee-script
  jekyll!
  kramdown
  liquid
  puma
  rack-contrib
  rack-rewrite
  ruby-oembed
  sass
